GEM
  remote: http://rubygems.org/
  specs:
    i18n (0.7.0)
    liquid (3.0.6)
    money (6.7.1)
      i18n (>= 0.6.4, <= 0.7.0)
      sixarm_ruby_unaccent (>= 1.1.1, < 2)
    pdfkit (0.8.2)
    sixarm_ruby_unaccent (1.1.1)
    wkhtmltopdf-binary (0.12.3.1)

PLATFORMS
  ruby

DEPENDENCIES
  liquid
  money
  pdfkit
  wkhtmltopdf-binary

BUNDLED WITH
   2.4.7
